PATH
  remote: .
  specs:
    moro (0.0.2)
      get_process_mem (~> 0.2.0)
      thor (~> 0.18)

GEM
  remote: https://rubygems.org/
  specs:
    get_process_mem (0.2.0)
    thor (0.19.1)

PLATFORMS
  ruby

DEPENDENCIES
  moro!

BUNDLED WITH
   1.10.6
